GEM
  remote: https://rubygems.org/
  specs:
    eventmachine (1.0.8)
    mini_portile (0.6.2)
    nokogiri (1.6.6.2)
      mini_portile (~> 0.6.0)
    pg (0.18.4)

PLATFORMS
  ruby

DEPENDENCIES
  eventmachine
  nokogiri
  pg

BUNDLED WITH
   1.10.6
